GEM
  remote: http://rubygems.org/
  specs:
    commander (4.0.5)
      highline (>= 1.5.0)
    highline (1.6.2)

PLATFORMS
  ruby

DEPENDENCIES
  commander
